PATH
  remote: ../cyberarm_engine
  specs:
    cyberarm_engine (0.12.1)
      gosu (~> 0.14.0)

GEM
  remote: https://rubygems.org/
  specs:
    excon (0.71.1)
    gosu (0.14.5)
    os (1.0.1)
    rubyzip (2.0.0)

PLATFORMS
  ruby

DEPENDENCIES
  cyberarm_engine!
  excon
  os
  rubyzip

BUNDLED WITH
   2.0.2
