PATH
  remote: ../cyberarm_engine
  specs:
    cyberarm_engine (0.12.1)
      gosu (~> 0.14.0)

GEM
  remote: https://rubygems.org/
  specs:
    excon (0.66.0)
    gosu (0.14.5)

PLATFORMS
  ruby

DEPENDENCIES
  cyberarm_engine!
  excon

BUNDLED WITH
   2.0.2
