PATH
  remote: ../cyberarm_engine
  specs:
    cyberarm_engine (0.14.0)
      gosu (~> 0.15.0)
      gosu_more_drawables (~> 0.3)

GEM
  remote: https://rubygems.org/
  specs:
    excon (0.72.0)
    gosu (0.15.1)
    gosu_more_drawables (0.3.0)
    os (1.0.1)
    rubyzip (2.2.0)

PLATFORMS
  ruby

DEPENDENCIES
  cyberarm_engine!
  excon
  os
  rubyzip

BUNDLED WITH
   2.1.4
